GEM
  remote: https://rubygems.org/
  specs:
    google-protobuf (3.21.2)

PLATFORMS
  arm64-darwin-21

DEPENDENCIES
  google-protobuf (~> 3.21)

BUNDLED WITH
   2.3.7
