GEM
  remote: https://rubygems.org/
  specs:
    bigdecimal (3.1.8)
    google-protobuf (4.28.2-arm64-darwin)
      bigdecimal
      rake (>= 13)
    google-protobuf (4.28.2-x86_64-darwin)
      bigdecimal
      rake (>= 13)
    rake (13.2.1)

PLATFORMS
  arm64-darwin-21
  arm64-darwin-23
  x86_64-darwin-20

DEPENDENCIES
  google-protobuf

BUNDLED WITH
   2.5.19
