GEM
  remote: https://rubygems.org/
  specs:
    google-protobuf (3.25.5-arm64-darwin)
    google-protobuf (3.25.5-x86_64-darwin)
    google-protobuf (3.25.5-x86_64-linux)

PLATFORMS
  arm64-darwin-21
  arm64-darwin-23
  x86_64-darwin-20
  x86_64-linux

DEPENDENCIES
  google-protobuf (~> 3.25)

BUNDLED WITH
   2.5.10
