GEM
  remote: https://rubygems.org/
  specs:
    google-protobuf (3.21.7)
    google-protobuf (3.21.7-x86_64-linux)

PLATFORMS
  arm64-darwin-21
  x86_64-linux

DEPENDENCIES
  google-protobuf (~> 3.21)

BUNDLED WITH
   2.3.7
