GEM
  remote: https://rubygems.org/
  specs:
    google-protobuf (3.25.3-arm64-darwin)
    google-protobuf (3.25.3-x86_64-darwin)

PLATFORMS
  arm64-darwin-21
  arm64-darwin-23
  x86_64-darwin-20

DEPENDENCIES
  google-protobuf (~> 3.21)

BUNDLED WITH
   2.5.10
